GEM
  remote: https://rubygems.org/
  specs:
    arr-pm (0.0.10)
      cabin (> 0)
    ast (2.4.0)
    backports (3.10.3)
    builder (3.2.3)
    cabin (0.9.0)
    childprocess (0.8.0)
      ffi (~> 1.0, >= 1.0.11)
    ci_reporter (2.0.0)
      builder (>= 2.1.2)
    ci_reporter_rspec (1.0.0)
      ci_reporter (~> 2.0)
      rspec (>= 2.14, < 4)
    clamp (1.0.1)
    diff-lcs (1.3)
    dotenv (2.2.1)
    ffi (1.9.18)
    fpm (1.9.3)
      arr-pm (~> 0.0.10)
      backports (>= 2.6.2)
      cabin (>= 0.6.0)
      childprocess
      clamp (~> 1.0.0)
      ffi
      json (>= 1.7.7, < 2.0)
      pleaserun (~> 0.0.29)
      ruby-xz
      stud
    git (1.3.0)
    insist (1.0.0)
    io-like (0.3.0)
    jaro_winkler (1.5.2)
    json (1.8.6)
    mcollective-client (2.8.1)
      json
      stomp
      systemu
    mustache (0.99.8)
    parallel (1.12.1)
    parser (2.6.0.0)
      ast (~> 2.4.0)
    pleaserun (0.0.30)
      cabin (> 0)
      clamp
      dotenv
      insist
      mustache (= 0.99.8)
      stud
    powerpack (0.1.2)
    rainbow (3.0.0)
    rake (12.2.1)
    rspec (3.7.0)
      rspec-core (~> 3.7.0)
      rspec-expectations (~> 3.7.0)
      rspec-mocks (~> 3.7.0)
    rspec-core (3.7.0)
      rspec-support (~> 3.7.0)
    rspec-expectations (3.7.0)
      diff-lcs (>= 1.2.0, < 2.0)
      rspec-support (~> 3.7.0)
    rspec-mocks (3.7.0)
      diff-lcs (>= 1.2.0, < 2.0)
      rspec-support (~> 3.7.0)
    rspec-support (3.7.0)
    rubocop (0.63.0)
      jaro_winkler (~> 1.5.1)
      parallel (~> 1.10)
      parser (>= 2.5, != 2.5.1.1)
      powerpack (~> 0.1)
      rainbow (>= 2.2.2, < 4.0)
      ruby-progressbar (~> 1.7)
      unicode-display_width (~> 1.4.0)
    ruby-progressbar (1.10.0)
    ruby-xz (0.2.3)
      ffi (~> 1.9)
      io-like (~> 0.3)
    stomp (1.4.4)
    stud (0.0.23)
    systemu (2.6.5)
    unicode-display_width (1.4.1)

PLATFORMS
  ruby

DEPENDENCIES
  ci_reporter_rspec (= 1.0.0)!
  fpm!
  git!
  mcollective-client (= 2.8.1)!
  rake (= 12.2.1)!
  rspec (= 3.7.0)!
  rubocop (= 0.63.0)!

RUBY VERSION
   ruby 2.1.4p265

BUNDLED WITH
   1.16.0
